GEM
  remote: https://rubygems.org/
  specs:
    bugsnag (6.24.2)
      concurrent-ruby (~> 1.0)
    coderay (1.1.3)
    concurrent-ruby (1.1.10)
    diff-lcs (1.5.0)
    dotenv (2.8.1)
    method_source (1.0.0)
    nio4r (2.5.8)
    pg (1.4.3)
    pry (0.14.1)
      coderay (~> 1.1)
      method_source (~> 1.0)
    puma (5.6.5)
      nio4r (~> 2.0)
    rack (3.0.1)
    rake (13.0.6)
    roda (3.62.0)
      rack
    rspec (3.11.0)
      rspec-core (~> 3.11.0)
      rspec-expectations (~> 3.11.0)
      rspec-mocks (~> 3.11.0)
    rspec-core (3.11.0)
      rspec-support (~> 3.11.0)
    rspec-expectations (3.11.1)
      diff-lcs (>= 1.2.0, < 2.0)
      rspec-support (~> 3.11.0)
    rspec-mocks (3.11.1)
      diff-lcs (>= 1.2.0, < 2.0)
      rspec-support (~> 3.11.0)
    rspec-support (3.11.1)
    sequel (5.61.0)

PLATFORMS
  ruby

DEPENDENCIES
  bugsnag
  dotenv
  pg
  pry
  puma
  rake
  roda
  rspec
  sequel

BUNDLED WITH
   2.1.4
